GEM
  remote: http://rubygems.org/
  specs:
    concurrent-ruby (1.2.2)
    daemons (1.4.1)
    eventmachine (1.2.7)
    front_matter_parser (1.0.1)
    i18n (1.13.0)
      concurrent-ruby (~> 1.0)
    kramdown (2.4.0)
      rexml
    mustermann (3.0.0)
      ruby2_keywords (~> 0.0.1)
    rack (2.2.7)
    rack-protection (3.0.6)
      rack
    rack-ssl-enforcer (0.2.9)
    rexml (3.2.5)
    ruby2_keywords (0.0.5)
    sinatra (3.0.6)
      mustermann (~> 3.0)
      rack (~> 2.2, >= 2.2.4)
      rack-protection (= 3.0.6)
      tilt (~> 2.0)
    thin (1.8.2)
      daemons (~> 1.0, >= 1.0.9)
      eventmachine (~> 1.0, >= 1.0.4)
      rack (>= 1, < 3)
    tilt (2.1.0)

PLATFORMS
  ruby

DEPENDENCIES
  front_matter_parser
  i18n
  kramdown
  rack-ssl-enforcer
  rexml
  sinatra
  thin

RUBY VERSION
   ruby 3.2.2p53

BUNDLED WITH
   2.4.10
